GEM
  remote: https://rubygems.org/
  specs:
    colorize (0.7.7)
    net-scp (1.2.1)
      net-ssh (>= 2.6.5)
    net-ssh (2.9.2)

PLATFORMS
  ruby

DEPENDENCIES
  colorize
  net-scp
  net-ssh

BUNDLED WITH
   1.10.6
