GEM
  specs:
    colorize (0.7.3)
    net-scp (1.2.1)
      net-ssh (>= 2.6.5)
    net-ssh (2.9.1)

PLATFORMS
  ruby

DEPENDENCIES
  colorize
  net-scp
  net-ssh
